PATH
  remote: .
  specs:
    potam (0.0.1)
      gli (= 2.12.2)

GEM
  remote: https://rubygems.org/
  specs:
    aruba (0.6.1)
      childprocess (>= 0.3.6)
      cucumber (>= 1.1.1)
      rspec-expectations (>= 2.7.0)
    builder (3.2.2)
    childprocess (0.5.5)
      ffi (~> 1.0, >= 1.0.11)
    cucumber (1.3.17)
      builder (>= 2.1.2)
      diff-lcs (>= 1.1.3)
      gherkin (~> 2.12)
      multi_json (>= 1.7.5, < 2.0)
      multi_test (>= 0.1.1)
    diff-lcs (1.2.5)
    ffi (1.9.6)
    gherkin (2.12.2)
      multi_json (~> 1.3)
    gli (2.12.2)
    highline (1.6.21)
    multi_json (1.10.1)
    multi_test (0.1.1)
    rake (10.1.0)
    rdoc (4.1.0)
    rspec-expectations (3.1.2)
      diff-lcs (>= 1.2.0, < 2.0)
      rspec-support (~> 3.1.0)
    rspec-support (3.1.2)
    sequel (4.16.0)
    sqlite3 (1.3.10)

PLATFORMS
  ruby

DEPENDENCIES
  aruba
  highline
  potam!
  rake
  rdoc
  sequel
  sqlite3
